PATH
  remote: .
  specs:
    ebayapi (0.12.0)
      activesupport (~> 3.1.0)
      libxml-ruby (~> 2.3.0)
      money
      xml-mapping (~> 0.9.1)

GEM
  remote: http://rubygems.org/
  specs:
    activesupport (3.1.4)
      multi_json (~> 1.0)
    i18n (0.6.0)
    json (1.6.5)
    libxml-ruby (2.3.0)
    money (4.0.2)
      i18n (~> 0.4)
      json
    multi_json (1.1.0)
    xml-mapping (0.9.1)

PLATFORMS
  ruby

DEPENDENCIES
  ebayapi!
