PATH
  remote: .
  specs:
    ebayapi (0.20.0)
      activesupport (> 3.1.0)
      libxml-ruby (~> 2.4.0)
      money (~> 4.0.2)
      rubyjedi-soap4r (~> 1.5.8.20100619003610)
      xml-mapping

GEM
  remote: http://rubygems.org/
  specs:
    activesupport (4.0.0)
      i18n (~> 0.6, >= 0.6.4)
      minitest (~> 4.2)
      multi_json (~> 1.3)
      thread_safe (~> 0.1)
      tzinfo (~> 0.3.37)
    atomic (1.1.14)
    httpclient (2.1.5.2)
    i18n (0.6.5)
    json (1.8.1)
    libxml-ruby (2.4.0)
    minitest (4.7.5)
    money (4.0.2)
      i18n (~> 0.4)
      json
    multi_json (1.8.2)
    rubyjedi-soap4r (1.5.8.20100619003610)
      httpclient (~> 2.1.5.2)
    thread_safe (0.1.3)
      atomic
    tzinfo (0.3.38)
    xml-mapping (0.9.1)

PLATFORMS
  ruby

DEPENDENCIES
  ebayapi!
